GEM
  remote: http://rubygems.org/
  specs:
    childprocess (0.1.8)
      ffi (~> 1.0.6)
    classifier (1.3.3)
      fast-stemmer (>= 1.0.0)
    diff-lcs (1.1.2)
    directory_watcher (1.4.0)
    fast-stemmer (1.0.0)
    ffi (1.0.7)
      rake (>= 0.8.7)
    jasmine (1.0.2.0)
      json_pure (>= 1.4.3)
      rack (>= 1.1)
      rspec (>= 1.3.1)
      selenium-webdriver (>= 0.1.3)
    jekyll (0.10.0)
      classifier (>= 1.3.1)
      directory_watcher (>= 1.1.1)
      liquid (>= 1.9.0)
      maruku (>= 0.5.9)
    json_pure (1.5.1)
    liquid (2.2.2)
    maruku (0.6.0)
      syntax (>= 1.0.0)
    rack (1.2.2)
    rake (0.8.7)
    rspec (2.5.0)
      rspec-core (~> 2.5.0)
      rspec-expectations (~> 2.5.0)
      rspec-mocks (~> 2.5.0)
    rspec-core (2.5.1)
    rspec-expectations (2.5.0)
      diff-lcs (~> 1.1.2)
    rspec-mocks (2.5.0)
    rubyzip (0.9.4)
    selenium-webdriver (0.1.4)
      childprocess (>= 0.1.7)
      ffi (>= 1.0.7)
      json_pure
      rubyzip
    syntax (1.0.0)

PLATFORMS
  ruby

DEPENDENCIES
  jasmine
  jekyll
